GEM
  remote: https://rubygems.org/
  specs:
    rack (2.0.7)
    roda (3.24.0)
      rack

PLATFORMS
  ruby

DEPENDENCIES
  roda

RUBY VERSION
   ruby 2.6.4p104

BUNDLED WITH
   1.17.2
